GIT
  remote: https://github.com/Altoros/azure-sdk-for-ruby.git
  revision: 89d54b84aafc5bb499277518247aa18c69c032dc
  branch: release-0.5.1.pre
  specs:
    azure (0.5.0)
      json
      mime-types (~> 1.0)
      nokogiri (~> 1.5)
      uuid

GEM
  remote: https://rubygems.org/
  specs:
    json (1.8.1)
    macaddr (1.6.1)
      systemu (~> 2.5.0)
    mime-types (1.25)
    mini_portile (0.5.2)
    nokogiri (1.6.0)
      mini_portile (~> 0.5.0)
    settingslogic (2.0.9)
    systemu (2.5.2)
    uuid (2.3.7)
      macaddr (~> 1.0)

PLATFORMS
  ruby

DEPENDENCIES
  azure!
  settingslogic
